GEM
  remote: https://rubygems.org/
  specs:
    whois (3.2.1)

PLATFORMS
  ruby

DEPENDENCIES
  whois
